GEM
  remote: https://rubygems.org/
  specs:
    byebug (9.1.0)
    mini_portile2 (2.3.0)
    nokogiri (1.8.1)
      mini_portile2 (~> 2.3.0)
    puma (3.11.0)
    sqlite3 (1.3.13)

PLATFORMS
  ruby

DEPENDENCIES
  byebug
  nokogiri
  puma
  sqlite3

BUNDLED WITH
   1.16.0.pre.2
